GEM
  remote: https://rubygems.org/
  specs:
    ffi (1.9.23)

PLATFORMS
  ruby

DEPENDENCIES
  ffi (~> 1.9)

BUNDLED WITH
   1.16.1
